GEM
  remote: https://rubygems.org/
  specs:
    activemodel (4.2.0)
      activesupport (= 4.2.0)
      builder (~> 3.1)
    activerecord (4.2.0)
      activemodel (= 4.2.0)
      activesupport (= 4.2.0)
      arel (~> 6.0)
    activerecord-utils (0.3.0)
      logutils
    activesupport (4.2.0)
      i18n (~> 0.7)
      json (~> 1.7, >= 1.7.7)
      minitest (~> 5.1)
      thread_safe (~> 0.3, >= 0.3.4)
      tzinfo (~> 1.1)
    activityutils (0.1.0)
      logutils (>= 0.5)
    arel (6.0.0)
    builder (3.2.2)
    feedutils (0.5.0)
      logutils (>= 0.6.1)
    fetcher (0.4.4)
      logutils (>= 0.6)
    gli (2.12.2)
    i18n (0.7.0)
    json (1.8.1)
    logutils (0.6.1)
    logutils-activerecord (0.2.0)
      activerecord
      logutils (>= 0.6.1)
    minitest (5.5.0)
    pakman (0.5.0)
      fetcher (>= 0.3.0)
      logutils (>= 0.6.0)
    pluto (1.1.0)
      gli (>= 2.12.2)
      pluto-merge (>= 1.1.0)
      pluto-models (>= 1.2.2)
      pluto-tasks (>= 1.1.0)
      pluto-update (>= 1.1.0)
      sqlite3
    pluto-merge (1.1.0)
      fetcher (>= 0.4.4)
      pakman (>= 0.5.0)
      pluto-models (>= 1.2.2)
    pluto-models (1.3.2)
      activerecord
      activerecord-utils (>= 0.2.0)
      activityutils (>= 0.1.0)
      feedutils (>= 0.4.0)
      logutils (>= 0.6.1)
      logutils-activerecord (>= 0.2.0)
      props (>= 1.1.2)
      props-activerecord (>= 0.1.0)
      textutils (>= 0.10.0)
    pluto-tasks (1.2.0)
      pluto-models (>= 1.3.1)
      pluto-update
    pluto-update (1.3.0)
      fetcher (>= 0.4.4)
      pluto-models (>= 1.2.2)
    props (1.1.2)
    props-activerecord (0.1.0)
      activerecord
      props (>= 1.1.2)
    rake (10.4.2)
    rubyzip (1.1.6)
    sqlite3 (1.3.10)
    textutils (0.10.0)
      activesupport
      logutils (>= 0.6.1)
      props (>= 1.1.2)
      rubyzip
    thread_safe (0.3.4)
    tzinfo (1.2.2)
      thread_safe (~> 0.1)

PLATFORMS
  ruby

DEPENDENCIES
  pluto
  rake
