GEM
  remote: https://rubygems.org/
  specs:
    activemodel (4.0.3)
      activesupport (= 4.0.3)
      builder (~> 3.1.0)
    activerecord (4.0.3)
      activemodel (= 4.0.3)
      activerecord-deprecated_finders (~> 1.0.2)
      activesupport (= 4.0.3)
      arel (~> 4.0.0)
    activerecord-deprecated_finders (1.0.3)
    activesupport (4.0.3)
      i18n (~> 0.6, >= 0.6.4)
      minitest (~> 4.2)
      multi_json (~> 1.3)
      thread_safe (~> 0.1)
      tzinfo (~> 0.3.37)
    activityutils (0.1.0)
      logutils (>= 0.5)
    arel (4.0.2)
    atomic (1.1.15)
    builder (3.1.4)
    feedutils (0.4.0)
      logutils (>= 0.5)
    fetcher (0.4.3)
      logutils (>= 0.6)
    gli (2.9.0)
    i18n (0.6.9)
    logutils (0.6.0)
    mini_portile (0.5.2)
    minitest (4.7.5)
    multi_json (1.9.0)
    nokogiri (1.6.1)
      mini_portile (~> 0.5.0)
    pakman (0.5.0)
      fetcher (>= 0.3.0)
      logutils (>= 0.6.0)
    pluto (1.0.1)
      activityutils (>= 0.1.0)
      feedutils (>= 0.4.0)
      fetcher (>= 0.4.3)
      gli (>= 2.5.6)
      logutils (>= 0.6)
      pakman (>= 0.5)
      props (>= 1.0.3)
      textutils (>= 0.7)
    props (1.1.0)
    r18n-core (1.1.8)
    sqlite3 (1.3.9)
    textutils (0.8.7)
      logutils (~> 0.5)
    thread_safe (0.2.0)
      atomic (>= 1.1.7, < 2)
    tzinfo (0.3.38)

PLATFORMS
  ruby

DEPENDENCIES
  activerecord
  nokogiri
  pluto
  r18n-core
  sqlite3
